GIT
  remote: git@github.com:hooktstudios/capistrano-s3.git
  revision: da95a95d0e68ee120c7b647b2121d77ba730f943
  specs:
    capistrano-s3 (0.2.10)
      aws-sdk (~> 1.11)
      capistrano (< 3)
      mime-types (~> 1.23)

GEM
  remote: https://rubygems.org/
  specs:
    aws-sdk (1.60.1)
      aws-sdk-v1 (= 1.60.1)
    aws-sdk-v1 (1.60.1)
      json (~> 1.4)
      nokogiri (>= 1.4.4)
    capistrano (2.15.5)
      highline
      net-scp (>= 1.0.0)
      net-sftp (>= 2.0.0)
      net-ssh (>= 2.0.14)
      net-ssh-gateway (>= 1.1.0)
    highline (1.6.21)
    json (1.8.1)
    mime-types (1.25.1)
    mini_portile (0.6.1)
    net-scp (1.2.1)
      net-ssh (>= 2.6.5)
    net-sftp (2.1.2)
      net-ssh (>= 2.6.5)
    net-ssh (2.9.1)
    net-ssh-gateway (1.2.0)
      net-ssh (>= 2.6.5)
    nokogiri (1.6.5)
      mini_portile (~> 0.6.0)

PLATFORMS
  ruby

DEPENDENCIES
  capistrano-s3!
